GEM
  remote: https://rubygems.org/
  specs:
    backports (3.3.2)
    colormath (0.1.2)
    eventmachine (1.0.3)
    micro-optparse (1.1.5)
    rack (1.5.2)
    rack-protection (1.5.0)
      rack
    rack-test (0.6.2)
      rack (>= 1.0)
    rmagick (2.13.2)
    sass (3.2.9)
    sinatra (1.4.3)
      rack (~> 1.4)
      rack-protection (~> 1.4)
      tilt (~> 1.3, >= 1.3.4)
    sinatra-content-for2 (0.3)
      sinatra
    sinatra-contrib (1.4.0)
      backports (>= 2.0)
      eventmachine
      rack-protection
      rack-test
      sinatra (~> 1.4.2)
      tilt (~> 1.3)
    tilt (1.4.1)

PLATFORMS
  ruby

DEPENDENCIES
  colormath
  micro-optparse
  rmagick
  sass
  sinatra
  sinatra-content-for2
  sinatra-contrib
